PATH
  remote: .
  specs:
    site_status (0.0.7)
      rainbow

GEM
  remote: http://gems.idg.primedia.com/
  remote: https://rubygems.org/
  specs:
    rainbow (1.1.4)

PLATFORMS
  ruby

DEPENDENCIES
  site_status!
